GEM
  remote: https://rubygems.org/
  specs:
    activemodel (4.2.11.1)
      activesupport (= 4.2.11.1)
      builder (~> 3.1)
    activesupport (4.2.11.1)
      i18n (~> 0.7)
      minitest (~> 5.1)
      thread_safe (~> 0.3, >= 0.3.4)
      tzinfo (~> 1.1)
    asciidoctor (2.0.1)
    builder (3.2.3)
    charlock_holmes (0.7.6)
    concurrent-ruby (1.1.5)
    diff-lcs (1.3)
    foreman (0.85.0)
      thor (~> 0.19.1)
    gemojione (3.3.0)
      json
    github-markup (1.7.0)
    gitlab-grit (2.8.2)
      charlock_holmes (~> 0.6)
      diff-lcs (~> 1.1)
      mime-types (>= 1.16)
      posix-spawn (~> 0.3)
    gollum (4.1.4)
      gemojione (~> 3.2)
      gollum-lib (~> 4.2, >= 4.2.10)
      kramdown (~> 1.9.0)
      mustache (>= 0.99.5, < 1.0.0)
      sinatra (~> 1.4, >= 1.4.4)
      useragent (~> 0.16.2)
    gollum-auth (0.7.1)
      activemodel (~> 4.2)
      rack
    gollum-grit_adapter (1.0.1)
      gitlab-grit (~> 2.7, >= 2.7.1)
    gollum-lib (4.2.10)
      gemojione (~> 3.2)
      github-markup (~> 1.6)
      gollum-grit_adapter (~> 1.0)
      nokogiri (>= 1.6.1, < 2.0)
      rouge (~> 2.1)
      sanitize (~> 2.1.1, >= 2.1.1)
      stringex (~> 2.6)
      twitter-text (= 1.14.7)
    i18n (0.9.5)
      concurrent-ruby (~> 1.0)
    json (2.2.0)
    kramdown (1.9.0)
    mime-types (3.2.2)
      mime-types-data (~> 3.2015)
    mime-types-data (3.2018.0812)
    mini_portile2 (2.8.0)
    minitest (5.11.3)
    mustache (0.99.8)
    nokogiri (1.13.9)
      mini_portile2 (~> 2.8.0)
      racc (~> 1.4)
    org-ruby (0.9.12)
      rubypants (~> 0.2)
    posix-spawn (0.3.13)
    puma (3.12.1)
    racc (1.6.0)
    rack (1.6.11)
    rack-protection (1.5.5)
      rack
    rouge (2.2.1)
    rubypants (0.7.0)
    sanitize (2.1.1)
      nokogiri (>= 1.4.4)
    sinatra (1.4.8)
      rack (~> 1.5)
      rack-protection (~> 1.4)
      tilt (>= 1.3, < 3)
    stringex (2.8.5)
    thor (0.19.4)
    thread_safe (0.3.6)
    tilt (2.0.9)
    twitter-text (1.14.7)
      unf (~> 0.1.0)
    tzinfo (1.2.5)
      thread_safe (~> 0.1)
    unf (0.1.4)
      unf_ext
    unf_ext (0.0.7.5)
    useragent (0.16.10)

PLATFORMS
  ruby

DEPENDENCIES
  asciidoctor
  foreman
  gollum
  gollum-auth
  org-ruby
  puma

BUNDLED WITH
   2.0.1
